PATH
  remote: .
  specs:
    foodietest123 (0.1.4)

GEM
  remote: https://rubygems.org/
  specs:
    rake (13.0.6)

PLATFORMS
  ruby

DEPENDENCIES
  foodietest123!
  rake (~> 13.0)

BUNDLED WITH
   1.17.2
