PATH
  remote: .
  specs:
    foodie (0.1.0)

GEM
  remote: https://rubygems.org/
  specs:
    rake (13.0.6)

PLATFORMS
  arm64-darwin-21

DEPENDENCIES
  foodie!
  rake (~> 13.0)

BUNDLED WITH
   2.4.10
